GEM
  remote: https://rubygems.org/
  specs:
    byebug (8.2.1)
    sqlite3 (1.3.11)

PLATFORMS
  ruby

DEPENDENCIES
  byebug
  sqlite3

BUNDLED WITH
   1.10.6
